GEM
  remote: https://rubygems.org/
  specs:
    erubis (2.7.0)
    flay (2.12.0)
      erubis (~> 2.7.0)
      path_expander (~> 1.0)
      ruby_parser (~> 3.0)
      sexp_processor (~> 4.0)
    flog (4.6.2)
      path_expander (~> 1.0)
      ruby_parser (~> 3.1, > 3.1.0)
      sexp_processor (~> 4.8)
    path_expander (1.0.3)
    ruby_parser (3.12.0)
      sexp_processor (~> 4.9)
    sexp_processor (4.11.0)

PLATFORMS
  x86-mingw32

DEPENDENCIES
  flay
  flog

BUNDLED WITH
   2.0.1
